ObjectType = Image
NDims = 3
BinaryData = True
BinaryDataByteOrderMSB = False
CompressedData = False
TransformMatrix = 1 0 0 0 -1 0 0 0 1
Offset = -51.96875 84.531257629394531 -39.007816314697266
CenterOfRotation = 0 0 0
AnatomicalOrientation = RPI
ElementSpacing = 0.5 0.5 0.5
DimSize = 202 274 217
ElementType = MET_SHORT
ElementDataFile = result.0.raw
